PATH
  remote: .
  specs:
    lemonsqueezy (0.1.2)
      faraday (~> 2.0)

GEM
  remote: https://rubygems.org/
  specs:
    dotenv (2.7.6)
    faraday (2.7.2)
      faraday-net_http (>= 2.0, < 3.1)
      ruby2_keywords (>= 0.0.4)
    faraday-net_http (3.0.2)
    minitest (5.15.0)
    rake (13.0.6)
    ruby2_keywords (0.0.5)

PLATFORMS
  x86_64-linux

DEPENDENCIES
  dotenv
  lemonsqueezy!
  minitest (~> 5.0)
  rake (~> 13.0)

BUNDLED WITH
   2.3.22
